GEM
  remote: https://rubygems.org/
  specs:
    nio4r (2.7.3)
    observer (0.1.2)
    pkg-config (1.5.6)
    puma (6.4.2)
      nio4r (~> 2.0)
    rack (1.6.13)
    rack-protection (1.5.5)
      rack
    rackup (1.0.0)
      rack (< 3)
      webrick
    rmagick (6.0.1)
      observer (~> 0.1)
      pkg-config (~> 1.4)
    sinatra (1.4.8)
      rack (~> 1.5)
      rack-protection (~> 1.4)
      tilt (>= 1.3, < 3)
    sqlite3 (2.0.3-arm64-darwin)
    tilt (2.4.0)
    webrick (1.8.1)

PLATFORMS
  arm64-darwin-23

DEPENDENCIES
  puma (~> 6.4)
  rackup (~> 1.0.0)
  rmagick (~> 6.0)
  sinatra (~> 1.4.7)
  sqlite3 (~> 2.0)

BUNDLED WITH
   2.4.12
